GEM
  remote: https://rubygems.org/
  specs:
    actionmailer (3.2.9)
      actionpack (= 3.2.9)
      mail (~> 2.4.4)
    actionpack (3.2.9)
      activemodel (= 3.2.9)
      activesupport (= 3.2.9)
      builder (~> 3.0.0)
      erubis (~> 2.7.0)
      journey (~> 1.0.4)
      rack (~> 1.4.0)
      rack-cache (~> 1.2)
      rack-test (~> 0.6.1)
      sprockets (~> 2.2.1)
    activemodel (3.2.9)
      activesupport (= 3.2.9)
      builder (~> 3.0.0)
    activerecord (3.2.9)
      activemodel (= 3.2.9)
      activesupport (= 3.2.9)
      arel (~> 3.0.2)
      tzinfo (~> 0.3.29)
    activeresource (3.2.9)
      activemodel (= 3.2.9)
      activesupport (= 3.2.9)
    activesupport (3.2.9)
      i18n (~> 0.6)
      multi_json (~> 1.0)
    arel (3.0.2)
    awesome_print (1.1.0)
    bcrypt-ruby (3.0.1)
    bootstrap-sass (2.2.1.1)
      sass (~> 3.2)
    brakeman (1.8.3)
      activesupport
      erubis (~> 2.6)
      fastercsv (~> 1.5)
      haml (~> 3.0)
      highline (~> 1.6)
      i18n
      multi_json (~> 1.3)
      ruby2ruby (~> 1.2)
      ruby_parser (= 2.3.1)
      sass (~> 3.0)
      terminal-table (~> 1.4)
    builder (3.0.4)
    cancan (1.6.8)
    chronic (0.8.0)
    code_analyzer (0.3.0)
      sexp_processor
    coffee-rails (3.2.2)
      coffee-script (>= 2.2.0)
      railties (~> 3.2.0)
    coffee-script (2.2.0)
      coffee-script-source
      execjs
    coffee-script-source (1.4.0)
    colored (1.2)
    decent_exposure (2.0.0)
    devise (2.1.2)
      bcrypt-ruby (~> 3.0)
      orm_adapter (~> 0.1)
      railties (~> 3.1)
      warden (~> 1.2.1)
    diff-lcs (1.1.3)
    erubis (2.7.0)
    execjs (1.4.0)
      multi_json (~> 1.0)
    factory_girl (4.1.0)
      activesupport (>= 3.0.0)
    factory_girl_rails (4.1.0)
      factory_girl (~> 4.1.0)
      railties (>= 3.0.0)
    fastercsv (1.5.5)
    friendly_id (4.0.9)
    haml (3.1.7)
    haml-rails (0.3.5)
      actionpack (>= 3.1, < 4.1)
      activesupport (>= 3.1, < 4.1)
      haml (~> 3.1)
      railties (>= 3.1, < 4.1)
    highline (1.6.15)
    hike (1.2.1)
    hpricot (0.8.6)
    i18n (0.6.1)
    journey (1.0.4)
    jquery-rails (2.1.4)
      railties (>= 3.0, < 5.0)
      thor (>= 0.14, < 2.0)
    jquery-validation-rails (1.10.0)
      thor (~> 0.14)
    jquery-validator (0.3.0)
    json (1.7.5)
    mail (2.4.4)
      i18n (>= 0.4.0)
      mime-types (~> 1.16)
      treetop (~> 1.4.8)
    mime-types (1.19)
    multi_json (1.3.7)
    mysql2 (0.3.11)
    nokogiri (1.5.6)
    orm_adapter (0.4.0)
    polyamorous (0.5.0)
      activerecord (~> 3.0)
    polyglot (0.3.3)
    progressbar (0.12.0)
    rack (1.4.1)
    rack-cache (1.2)
      rack (>= 0.4)
    rack-mini-profiler (0.1.23)
      rack (>= 1.1.3)
    rack-ssl (1.3.2)
      rack
    rack-test (0.6.2)
      rack (>= 1.0)
    rails (3.2.9)
      actionmailer (= 3.2.9)
      actionpack (= 3.2.9)
      activerecord (= 3.2.9)
      activeresource (= 3.2.9)
      activesupport (= 3.2.9)
      bundler (~> 1.0)
      railties (= 3.2.9)
    rails_best_practices (1.13.1)
      activesupport
      awesome_print
      code_analyzer
      colored
      erubis
      i18n
      progressbar
    railties (3.2.9)
      actionpack (= 3.2.9)
      activesupport (= 3.2.9)
      rack-ssl (~> 1.3.2)
      rake (>= 0.8.7)
      rdoc (~> 3.4)
      thor (>= 0.14.6, < 2.0)
    rake (10.0.2)
    ransack (0.7.0)
      actionpack (~> 3.0)
      activerecord (~> 3.0)
      polyamorous (~> 0.5.0)
    rdoc (3.12)
      json (~> 1.4)
    rspec-core (2.12.2)
    rspec-expectations (2.12.1)
      diff-lcs (~> 1.1.3)
    rspec-mocks (2.12.1)
    rspec-rails (2.12.0)
      actionpack (>= 3.0)
      activesupport (>= 3.0)
      railties (>= 3.0)
      rspec-core (~> 2.12.0)
      rspec-expectations (~> 2.12.0)
      rspec-mocks (~> 2.12.0)
    ruby2ruby (1.3.1)
      ruby_parser (~> 2.0)
      sexp_processor (~> 3.0)
    ruby_parser (2.3.1)
      sexp_processor (~> 3.0)
    sass (3.2.3)
    sass-rails (3.2.5)
      railties (~> 3.2.0)
      sass (>= 3.1.10)
      tilt (~> 1.3)
    sexp_processor (3.2.0)
    simple_form (2.0.4)
      actionpack (~> 3.0)
      activemodel (~> 3.0)
    spork (0.9.2)
    sprockets (2.2.2)
      hike (~> 1.2)
      multi_json (~> 1.0)
      rack (~> 1.0)
      tilt (~> 1.1, != 1.3.0)
    sqlite3 (1.3.6)
    strong_parameters (0.1.5)
      actionpack (~> 3.1)
      activemodel (~> 3.1)
      railties (~> 3.1)
    terminal-table (1.4.5)
    thor (0.16.0)
    tilt (1.3.3)
    treetop (1.4.12)
      polyglot
      polyglot (>= 0.3.1)
    tzinfo (0.3.35)
    uglifier (1.3.0)
      execjs (>= 0.3.0)
      multi_json (~> 1.0, >= 1.0.2)
    warden (1.2.1)
      rack (>= 1.0)
    webrat (0.7.3)
      nokogiri (>= 1.2.0)
      rack (>= 1.0)
      rack-test (>= 0.5.3)
    whenever (0.8.0)
      activesupport (>= 2.3.4)
      chronic (>= 0.6.3)
    will_paginate (3.0.3)

PLATFORMS
  ruby

DEPENDENCIES
  awesome_print
  bootstrap-sass (~> 2.2.1.1)
  brakeman
  cancan
  coffee-rails (~> 3.2.1)
  decent_exposure
  devise
  factory_girl_rails
  friendly_id (~> 4.0.1)
  haml-rails
  hpricot
  jquery-rails
  jquery-validation-rails
  jquery-validator
  mysql2
  rack-mini-profiler
  rails (= 3.2.9)
  rails_best_practices
  ransack
  rspec-rails (~> 2.0)
  ruby_parser
  sass-rails (~> 3.2.3)
  simple_form
  spork
  sqlite3
  strong_parameters
  uglifier (>= 1.0.3)
  webrat
  whenever
  will_paginate (~> 3.0.3)
